PATH
  remote: .
  specs:
    pod (1.0.0)
      feedjira (~> 3.2)
      sqlite3 (~> 1.5)
      tabulo (~> 2.8)
      thor (~> 1.2)

GEM
  remote: https://rubygems.org/
  specs:
    crass (1.0.6)
    diff-lcs (1.5.0)
    feedjira (3.2.2)
      loofah (>= 2.3.1)
      sax-machine (>= 1.0)
    loofah (2.19.1)
      crass (~> 1.0.2)
      nokogiri (>= 1.5.9)
    nokogiri (1.13.10-x86_64-linux)
      racc (~> 1.4)
    racc (1.6.2)
    rake (13.0.6)
    rspec (3.12.0)
      rspec-core (~> 3.12.0)
      rspec-expectations (~> 3.12.0)
      rspec-mocks (~> 3.12.0)
    rspec-core (3.12.0)
      rspec-support (~> 3.12.0)
    rspec-expectations (3.12.1)
      diff-lcs (>= 1.2.0, < 2.0)
      rspec-support (~> 3.12.0)
    rspec-mocks (3.12.1)
      diff-lcs (>= 1.2.0, < 2.0)
      rspec-support (~> 3.12.0)
    rspec-support (3.12.0)
    sax-machine (1.3.2)
    sqlite3 (1.5.4-x86_64-linux)
    tabulo (2.8.1)
      tty-screen (= 0.8.1)
      unicode-display_width (= 2.2.0)
    thor (1.2.1)
    tty-screen (0.8.1)
    unicode-display_width (2.2.0)

PLATFORMS
  x86_64-linux

DEPENDENCIES
  pod!
  rake (~> 13.0)
  rspec (~> 3.0)

BUNDLED WITH
   2.3.24
